PATH
  remote: .
  specs:
    gem_version_check (0.0.1)
      activesupport
      bundler

GEM
  remote: http://gems.xing.com/
  specs:
    activesupport (3.2.9)
      i18n (~> 0.6)
      multi_json (~> 1.0)
    i18n (0.6.1)
    multi_json (1.3.7)
    rake (10.0.1)

PLATFORMS
  ruby

DEPENDENCIES
  gem_version_check!
  rake
